PATH
  remote: .
  specs:
    kalc (1.7.0)
      parslet (~> 1.8.2)

GEM
  remote: http://rubygems.org/
  specs:
    diff-lcs (1.3)
    parslet (1.8.2)
    rake (13.0.1)
    rspec (3.6.0)
      rspec-core (~> 3.6.0)
      rspec-expectations (~> 3.6.0)
      rspec-mocks (~> 3.6.0)
    rspec-core (3.6.0)
      rspec-support (~> 3.6.0)
    rspec-expectations (3.6.0)
      diff-lcs (>= 1.2.0, < 2.0)
      rspec-support (~> 3.6.0)
    rspec-mocks (3.6.0)
      diff-lcs (>= 1.2.0, < 2.0)
      rspec-support (~> 3.6.0)
    rspec-support (3.6.0)

PLATFORMS
  java
  ruby

DEPENDENCIES
  kalc!
  rake
  rspec

BUNDLED WITH
   1.16.2
